GEM
  remote: https://rubygems.org/
  specs:
    haversine (0.3.2)
    httparty (0.16.3)
      mime-types (~> 3.0)
      multi_xml (>= 0.5.2)
    mime-types (3.2.2)
      mime-types-data (~> 3.2015)
    mime-types-data (3.2018.0812)
    multi_xml (0.6.0)
    mustermann (1.0.3)
    rack (2.2.3)
    rack-protection (2.0.4)
      rack
    sequel (5.15.0)
    sinatra (2.0.4)
      mustermann (~> 1.0)
      rack (~> 2.0)
      rack-protection (= 2.0.4)
      tilt (~> 2.0)
    sqlite3 (1.3.13)
    tilt (2.0.9)

PLATFORMS
  ruby

DEPENDENCIES
  haversine (~> 0.3.2)
  httparty (~> 0.16.3)
  sequel (~> 5.15)
  sinatra (~> 2.0)
  sqlite3 (~> 1.3)

BUNDLED WITH
   1.16.4
